GIT
  remote: https://github.com/timshadel/simple-secrets.rb.git
  revision: 03c417e789d8288003321c795af2219c30949d4e
  specs:
    simple-secrets (1.0.0)
      msgpack

PATH
  remote: .
  specs:
    rack-auth-oc_tanner (0.9.0)
      rack
      simple-secrets (~> 1.0.0)

GEM
  remote: https://rubygems.org/
  specs:
    columnize (0.3.6)
    debugger (1.5.0)
      columnize (>= 0.3.1)
      debugger-linecache (~> 1.2.0)
      debugger-ruby_core_source (~> 1.2.0)
    debugger-linecache (1.2.0)
    debugger-ruby_core_source (1.2.0)
    diff-lcs (1.2.4)
    msgpack (0.5.4)
    multi_json (1.7.2)
    rack (1.5.2)
    rspec (2.13.0)
      rspec-core (~> 2.13.0)
      rspec-expectations (~> 2.13.0)
      rspec-mocks (~> 2.13.0)
    rspec-core (2.13.1)
    rspec-expectations (2.13.0)
      diff-lcs (>= 1.1.3, < 2.0)
    rspec-mocks (2.13.1)
    simplecov (0.7.1)
      multi_json (~> 1.0)
      simplecov-html (~> 0.7.1)
    simplecov-html (0.7.1)

PLATFORMS
  ruby

DEPENDENCIES
  debugger
  rack-auth-oc_tanner!
  rspec
  simple-secrets!
  simplecov
