PATH
  remote: .
  specs:
    rack-auth-oc_tanner (2.0.6)
      rack (>= 2.0.8)
      simple-secrets (~> 2.0)
      smd (~> 1.1)

GEM
  remote: https://rubygems.org/
  specs:
    diff-lcs (1.3)
    docile (1.3.1)
    json (2.1.0)
    msgpack (1.3.0)
    rack (2.2.3)
    rack-test (1.1.0)
      rack (>= 1.0, < 3)
    rspec (3.8.0)
      rspec-core (~> 3.8.0)
      rspec-expectations (~> 3.8.0)
      rspec-mocks (~> 3.8.0)
    rspec-core (3.8.0)
      rspec-support (~> 3.8.0)
    rspec-expectations (3.8.2)
      diff-lcs (>= 1.2.0, < 2.0)
      rspec-support (~> 3.8.0)
    rspec-mocks (3.8.0)
      diff-lcs (>= 1.2.0, < 2.0)
      rspec-support (~> 3.8.0)
    rspec-support (3.8.0)
    simple-secrets (2.1.0)
      msgpack (>= 0.7.1)
    simplecov (0.16.1)
      docile (~> 1.1)
      json (>= 1.8, < 3)
      simplecov-html (~> 0.10.0)
    simplecov-html (0.10.2)
    smd (1.1.1)

PLATFORMS
  ruby

DEPENDENCIES
  rack-auth-oc_tanner!
  rack-test
  rspec
  simplecov

BUNDLED WITH
   1.17.3
