PATH
  remote: .
  specs:
    rack-auth-oc_tanner (1.0.4)
      rack
      simple-secrets (~> 1.0)
      smd (~> 1.1)

GEM
  remote: https://rubygems.org/
  specs:
    diff-lcs (1.2.5)
    docile (1.1.5)
    json (1.8.3)
    msgpack (0.7.1)
    rack (1.6.4)
    rack-test (0.6.3)
      rack (>= 1.0)
    rspec (3.4.0)
      rspec-core (~> 3.4.0)
      rspec-expectations (~> 3.4.0)
      rspec-mocks (~> 3.4.0)
    rspec-core (3.4.1)
      rspec-support (~> 3.4.0)
    rspec-expectations (3.4.0)
      diff-lcs (>= 1.2.0, < 2.0)
      rspec-support (~> 3.4.0)
    rspec-mocks (3.4.0)
      diff-lcs (>= 1.2.0, < 2.0)
      rspec-support (~> 3.4.0)
    rspec-support (3.4.1)
    simple-secrets (1.0.0)
      msgpack
    simplecov (0.11.1)
      docile (~> 1.1.0)
      json (~> 1.8)
      simplecov-html (~> 0.10.0)
    simplecov-html (0.10.0)
    smd (1.1.1)

PLATFORMS
  ruby

DEPENDENCIES
  rack-auth-oc_tanner!
  rack-test
  rspec
  simplecov

BUNDLED WITH
   1.10.6
