PATH
  remote: .
  specs:
    rack-auth-oc_tanner (1.0.4)
      rack
      simple-secrets (~> 2.0)
      smd (~> 1.1)

GEM
  remote: https://rubygems.org/
  specs:
    diff-lcs (1.3)
    docile (1.1.5)
    json (2.0.3)
    msgpack (0.7.6)
    rack (2.0.1)
    rack-test (0.6.3)
      rack (>= 1.0)
    rspec (3.5.0)
      rspec-core (~> 3.5.0)
      rspec-expectations (~> 3.5.0)
      rspec-mocks (~> 3.5.0)
    rspec-core (3.5.4)
      rspec-support (~> 3.5.0)
    rspec-expectations (3.5.0)
      diff-lcs (>= 1.2.0, < 2.0)
      rspec-support (~> 3.5.0)
    rspec-mocks (3.5.0)
      diff-lcs (>= 1.2.0, < 2.0)
      rspec-support (~> 3.5.0)
    rspec-support (3.5.0)
    simple-secrets (2.0.0)
      msgpack (~> 0.7.1)
    simplecov (0.14.0)
      docile (~> 1.1.0)
      json (>= 1.8, < 3)
      simplecov-html (~> 0.10.0)
    simplecov-html (0.10.0)
    smd (1.1.1)

PLATFORMS
  ruby

DEPENDENCIES
  rack-auth-oc_tanner!
  rack-test
  rspec
  simplecov

BUNDLED WITH
   1.14.6
