PATH
  remote: .
  specs:
    rack-auth-oc_tanner (1.0.2)
      rack
      simple-secrets (~> 1.0.0)
      smd (~> 1.0.0)

GEM
  remote: https://rubygems.org/
  specs:
    diff-lcs (1.2.4)
    msgpack (0.5.8)
    multi_json (1.7.2)
    rack (1.5.2)
    rack-test (0.6.2)
      rack (>= 1.0)
    rspec (2.13.0)
      rspec-core (~> 2.13.0)
      rspec-expectations (~> 2.13.0)
      rspec-mocks (~> 2.13.0)
    rspec-core (2.13.1)
    rspec-expectations (2.13.0)
      diff-lcs (>= 1.1.3, < 2.0)
    rspec-mocks (2.13.1)
    simple-secrets (1.0.0)
      msgpack
    simplecov (0.7.1)
      multi_json (~> 1.0)
      simplecov-html (~> 0.7.1)
    simplecov-html (0.7.1)
    smd (1.0.0)

PLATFORMS
  ruby

DEPENDENCIES
  rack-auth-oc_tanner!
  rack-test
  rspec
  simplecov
